GEM
  remote: https://rubygems.org/
  specs:
    mocha (2.7.1)
      ruby2_keywords (>= 0.0.5)
    ruby2_keywords (0.0.5)

PLATFORMS
  ruby
  x86_64-linux

DEPENDENCIES
  mocha (~> 2.7)

BUNDLED WITH
   2.5.11
